GEM
  remote: http://rubygems.org/
  specs:
    daemons (1.3.1)
    em-hiredis (0.1.1)
      eventmachine (~> 1.0)
      hiredis (~> 0.4.5)
    em-websocket (0.5.1)
      eventmachine (>= 0.12.9)
      http_parser.rb (~> 0.6.0)
    eventmachine (1.2.7)
    hiredis (0.4.5)
    http_parser.rb (0.6.0)
    json (2.2.0)
    rack (1.6.12)
    rack-protection (1.5.5)
      rack
    sinatra (1.4.8)
      rack (~> 1.5)
      rack-protection (~> 1.4)
      tilt (>= 1.3, < 3)
    thin (1.7.2)
      daemons (~> 1.0, >= 1.0.9)
      eventmachine (~> 1.0, >= 1.0.4)
      rack (>= 1, < 3)
    tilt (2.0.9)

PLATFORMS
  ruby

DEPENDENCIES
  em-hiredis
  em-websocket
  eventmachine
  json
  sinatra
  thin

BUNDLED WITH
   1.17.1
